PATH
  remote: .
  specs:
    attendance_bot (0.1.0)

GEM
  remote: https://rubygems.org/
  specs:
    rake (13.0.1)

PLATFORMS
  ruby

DEPENDENCIES
  attendance_bot!
  bundler (~> 2.0)
  rake (~> 13.0)

BUNDLED WITH
   2.0.2
